GEM
  remote: https://rubygems.org/
  specs:
    bootsnap (1.4.8)
      msgpack (~> 1.0)
    ffi (1.13.1)
    get_process_mem (0.2.7)
      ffi (~> 1.0)
    msgpack (1.3.3)

PLATFORMS
  ruby

DEPENDENCIES
  bootsnap
  get_process_mem

BUNDLED WITH
   2.1.4
